GEM
  remote: https://rubygems.org/
  specs:
    coderay (1.1.2)
    method_source (0.9.0)
    parallel (1.12.1)
    pry (0.11.3)
      coderay (~> 1.1.0)
      method_source (~> 0.9.0)

PLATFORMS
  ruby

DEPENDENCIES
  parallel
  pry

BUNDLED WITH
   1.16.1
