GEM
  remote: https://rubygems.org/
  specs:
    browser (5.1.0)

PLATFORMS
  ruby

DEPENDENCIES
  browser

BUNDLED WITH
   1.17.2
