GEM
  remote: https://rubygems.org/
  specs:
    aws-partitions (1.70.0)
    aws-sdk-core (3.17.0)
      aws-partitions (~> 1.0)
      aws-sigv4 (~> 1.0)
      jmespath (~> 1.0)
    aws-sdk-ssm (1.8.0)
      aws-sdk-core (~> 3)
      aws-sigv4 (~> 1.0)
    aws-sigv4 (1.0.2)
    aws-ssm-env (0.1.1)
      aws-sdk-ssm (~> 1)
    coderay (1.1.2)
    jmespath (1.3.1)
    method_source (0.9.0)
    pry (0.11.3)
      coderay (~> 1.1.0)
      method_source (~> 0.9.0)

PLATFORMS
  ruby

DEPENDENCIES
  aws-ssm-env
  pry

BUNDLED WITH
   1.16.1
