GEM
  remote: https://rubygems.org/
  specs:
    rumoji (0.5.0)

PLATFORMS
  ruby

DEPENDENCIES
  rumoji

BUNDLED WITH
   1.17.2
